GEM
  remote: https://rubygems.org/
  specs:
    concurrent-ruby (1.1.5)
    eventmachine (1.2.7)
    faraday (1.0.0)
      multipart-post (>= 1.2, < 3)
    faye-websocket (0.10.9)
      eventmachine (>= 0.12.0)
      websocket-driver (>= 0.5.1)
    has-guarded-handlers (1.6.3)
    jwt (2.2.1)
    logger (1.3.0)
    mini_portile2 (2.4.0)
    multipart-post (2.1.1)
    mustermann (1.1.1)
      ruby2_keywords (~> 0.0.1)
    nokogiri (1.10.7)
      mini_portile2 (~> 2.4.0)
    rack (2.2.3)
    rack-protection (2.0.8.1)
      rack
    ruby2_keywords (0.0.2)
    signalwire (2.3.2)
      concurrent-ruby (~> 1.1.5)
      faye-websocket (~> 0.10.9)
      has-guarded-handlers (~> 1.6.3)
      logger (~> 1.3.0)
      twilio-ruby (~> 5.0)
    sinatra (2.0.8.1)
      mustermann (~> 1.0)
      rack (~> 2.0)
      rack-protection (= 2.0.8.1)
      tilt (~> 2.0)
    tilt (2.0.10)
    twilio-ruby (5.31.4)
      faraday (~> 1.0.0)
      jwt (>= 1.5, <= 2.5)
      nokogiri (>= 1.6, < 2.0)
    websocket-driver (0.7.1)
      websocket-extensions (>= 0.1.0)
    websocket-extensions (0.1.4)

PLATFORMS
  ruby

DEPENDENCIES
  signalwire
  sinatra

BUNDLED WITH
   2.1.1
